GEM
  remote: http://rubygems.org/
  specs:
    RedCloth (4.2.8)
    haml (3.1.3)
    nesta (0.9.11)
      RedCloth (~> 4.2)
      haml (~> 3.1)
      rdiscount (~> 1.6)
      sass (~> 3.1)
      shotgun (>= 0.8)
      sinatra (= 1.2.6)
    rack (1.3.3)
    rdiscount (1.6.8)
    sass (3.1.7)
    shotgun (0.9)
      rack (>= 1.0)
    sinatra (1.2.6)
      rack (~> 1.1)
      tilt (>= 1.2.2, < 2.0)
    sinatra-content-for (0.2)
      sinatra
    tilt (1.3.3)

PLATFORMS
  ruby

DEPENDENCIES
  nesta (= 0.9.11)
  sinatra-content-for
