GEM
  remote: http://rubygems.org/
  specs:
    barista (1.2.1)
      coffee-script (~> 2.2)
    coffee-script (2.2.0)
      coffee-script-source
      execjs
    coffee-script-source (1.1.2)
    execjs (1.2.4)
      multi_json (~> 1.0)
    haml (3.1.2)
    multi_json (1.0.3)
    rack (1.3.2)
    sinatra (1.2.6)
      rack (~> 1.1)
      tilt (>= 1.2.2, < 2.0)
    tilt (1.3.3)

PLATFORMS
  ruby

DEPENDENCIES
  barista
  haml
  sinatra
